GEM
  remote: https://rubygems.org/
  specs:
    mini_portile2 (2.1.0)
    nokogiri (1.6.8)
      mini_portile2 (~> 2.1.0)
      pkg-config (~> 1.1.7)
    parallel (1.9.0)
    pkg-config (1.1.7)
    ruby-progressbar (1.8.1)

PLATFORMS
  ruby

DEPENDENCIES
  nokogiri
  parallel
  ruby-progressbar

BUNDLED WITH
   1.12.5
