GEM
  remote: https://rubygems.org/
  specs:
    mini_portile2 (2.1.0)
    nokogiri (1.6.8)
      mini_portile2 (~> 2.1.0)
      pkg-config (~> 1.1.7)
    peach (0.5.1)
    pkg-config (1.1.7)

PLATFORMS
  ruby

DEPENDENCIES
  nokogiri
  peach

BUNDLED WITH
   1.12.5
